GEM
  remote: https://rubygems.org/
  specs:
    activemodel (4.2.4)
      activesupport (= 4.2.4)
      builder (~> 3.1)
    activerecord (4.2.4)
      activemodel (= 4.2.4)
      activesupport (= 4.2.4)
      arel (~> 6.0)
    activesupport (4.2.4)
      i18n (~> 0.7)
      json (~> 1.7, >= 1.7.7)
      minitest (~> 5.1)
      thread_safe (~> 0.3, >= 0.3.4)
      tzinfo (~> 1.1)
    arel (6.0.3)
    builder (3.2.2)
    chunky_png (1.3.5)
    daemons (1.2.3)
    eventmachine (1.0.8)
    ffi (1.9.10)
    geokit (1.10.0)
    googlestaticmap (1.2.2)
    i18n (0.7.0)
    json (1.8.3)
    listen (3.0.4)
      rb-fsevent (>= 0.9.3)
      rb-inotify (>= 0.9)
    minitest (5.8.2)
    rack (1.6.4)
    rack-protection (1.5.3)
      rack
    rake (10.4.2)
    rb-fsevent (0.9.6)
    rb-inotify (0.9.5)
      ffi (>= 0.5.0)
    require_all (1.3.3)
    rerun (0.11.0)
      listen (~> 3.0)
    rqrcode (0.7.0)
      chunky_png
    sinatra (1.4.6)
      rack (~> 1.4)
      rack-protection (~> 1.4)
      tilt (>= 1.3, < 3)
    sinatra-activerecord (2.0.9)
      activerecord (>= 3.2)
      sinatra (~> 1.0)
    sqlite3 (1.3.11)
    thin (1.6.4)
      daemons (~> 1.0, >= 1.0.9)
      eventmachine (~> 1.0, >= 1.0.4)
      rack (~> 1.0)
    thread_safe (0.3.5)
    tilt (2.0.1)
    tzinfo (1.2.2)
      thread_safe (~> 0.1)

PLATFORMS
  ruby

DEPENDENCIES
  geokit
  googlestaticmap
  rake
  require_all
  rerun
  rqrcode
  sinatra
  sinatra-activerecord
  sqlite3
  thin
